PATH
  remote: .
  specs:
    process_memory (0.1)

GEM
  remote: http://rubygems.org/
  specs:
    minitest (5.8.1)
    rake (10.4.2)

PLATFORMS
  ruby

DEPENDENCIES
  minitest (~> 5.8)
  process_memory!
  rake

BUNDLED WITH
   1.10.6
