PATH
  remote: .
  specs:
    process_memory (0.1)

GEM
  remote: http://rubygems.org/
  specs:
    minitest (5.11.3)
    rake (12.3.1)

PLATFORMS
  ruby

DEPENDENCIES
  minitest (~> 5.8)
  process_memory!
  rake

BUNDLED WITH
   1.16.1
